GEM
  remote: http://rubygems.org/
  remote: http://gems.rubyforge.org/
  specs:
    ZenTest (4.5.0)
    abstract (1.0.0)
    actionmailer (3.0.7)
      actionpack (= 3.0.7)
      mail (~> 2.2.15)
    actionpack (3.0.7)
      activemodel (= 3.0.7)
      activesupport (= 3.0.7)
      builder (~> 2.1.2)
      erubis (~> 2.6.6)
      i18n (~> 0.5.0)
      rack (~> 1.2.1)
      rack-mount (~> 0.6.14)
      rack-test (~> 0.5.7)
      tzinfo (~> 0.3.23)
    activemodel (3.0.7)
      activesupport (= 3.0.7)
      builder (~> 2.1.2)
      i18n (~> 0.5.0)
    activerecord (3.0.7)
      activemodel (= 3.0.7)
      activesupport (= 3.0.7)
      arel (~> 2.0.2)
      tzinfo (~> 0.3.23)
    activeresource (3.0.7)
      activemodel (= 3.0.7)
      activesupport (= 3.0.7)
    activesupport (3.0.7)
    acts-as-taggable-on (2.0.6)
    addressable (2.2.6)
    arel (2.0.10)
    builder (2.1.2)
    crack (0.1.8)
    daemons (1.1.3)
    delayed_job (2.1.4)
      activesupport (~> 3.0)
      daemons
    diff-lcs (1.1.2)
    domainatrix (0.0.10)
      addressable
    erubis (2.6.6)
      abstract (>= 1.0.0)
    factory_girl (1.3.3)
    factory_girl_rails (1.0.1)
      factory_girl (~> 1.3)
      railties (>= 3.0.0)
    hominid (3.0.2)
    i18n (0.5.0)
    jquery-rails (1.0.9)
      railties (~> 3.0)
      thor (~> 0.14)
    json (1.5.1)
    mail (2.2.19)
      activesupport (>= 2.3.6)
      i18n (>= 0.4.0)
      mime-types (~> 1.16)
      treetop (~> 1.4.8)
    mime-types (1.16)
    mocha (0.9.12)
    polyglot (0.3.1)
    rack (1.2.3)
    rack-mount (0.6.14)
      rack (>= 1.0.0)
    rack-test (0.5.7)
      rack (>= 1.0)
    rails (3.0.7)
      actionmailer (= 3.0.7)
      actionpack (= 3.0.7)
      activerecord (= 3.0.7)
      activeresource (= 3.0.7)
      activesupport (= 3.0.7)
      bundler (~> 1.0)
      railties (= 3.0.7)
    railties (3.0.7)
      actionpack (= 3.0.7)
      activesupport (= 3.0.7)
      rake (>= 0.8.7)
      thor (~> 0.14.4)
    rake (0.8.7)
    right_aws (2.1.0)
      right_http_connection (>= 1.2.5)
    right_http_connection (1.3.0)
    rspec (2.6.0)
      rspec-core (~> 2.6.0)
      rspec-expectations (~> 2.6.0)
      rspec-mocks (~> 2.6.0)
    rspec-core (2.6.3)
    rspec-expectations (2.6.0)
      diff-lcs (~> 1.1.2)
    rspec-mocks (2.6.0)
    rspec-rails (2.6.1)
      actionpack (~> 3.0)
      activesupport (~> 3.0)
      railties (~> 3.0)
      rspec (~> 2.6.0)
    simplecov (0.4.2)
      simplecov-html (~> 0.4.4)
    simplecov-html (0.4.5)
    spork (0.9.0.rc8)
    sqlite3 (1.3.3)
    thor (0.14.6)
    treetop (1.4.9)
      polyglot (>= 0.3.1)
    tzinfo (0.3.27)
    webmock (1.6.4)
      addressable (> 2.2.5, ~> 2.2)
      crack (>= 0.1.7)
    will_paginate (2.3.15)
    yard (0.7.1)

PLATFORMS
  ruby

DEPENDENCIES
  ZenTest
  acts-as-taggable-on
  delayed_job
  domainatrix
  factory_girl_rails
  hominid
  jquery-rails
  json
  mocha
  rails (= 3.0.7)
  rake (= 0.8.7)
  right_aws
  rspec-rails
  simplecov
  spork (~> 0.9.0.rc)
  sqlite3
  webmock
  will_paginate
  yard
